PATH
  remote: .
  specs:
    yeelight-client (1.0.3)

GEM
  remote: https://rubygems.org/
  specs:
    bump (0.8.0)
    coderay (1.1.2)
    diff-lcs (1.3)
    method_source (0.9.2)
    pry (0.12.2)
      coderay (~> 1.1.0)
      method_source (~> 0.9.0)
    rake (13.0.1)
    rspec (3.9.0)
      rspec-core (~> 3.9.0)
      rspec-expectations (~> 3.9.0)
      rspec-mocks (~> 3.9.0)
    rspec-core (3.9.0)
      rspec-support (~> 3.9.0)
    rspec-expectations (3.9.0)
      diff-lcs (>= 1.2.0, < 2.0)
      rspec-support (~> 3.9.0)
    rspec-mocks (3.9.0)
      diff-lcs (>= 1.2.0, < 2.0)
      rspec-support (~> 3.9.0)
    rspec-support (3.9.0)

PLATFORMS
  ruby

DEPENDENCIES
  bump (~> 0.8.0)
  bundler (~> 1.17)
  pry (~> 0.12.2)
  rake (~> 13.0)
  rspec (~> 3.0)
  yeelight-client!

BUNDLED WITH
   1.17.3
